GEM
  remote: https://rubygems.org/
  specs:
    awesome_print (1.6.1)
    bond (0.5.1)
    looksee (3.1.0)
    ori (0.1.0)

PLATFORMS
  ruby

DEPENDENCIES
  awesome_print
  bond
  looksee
  ori
